GEM
  remote: https://rubygems.org/
  specs:
    colored (1.2)
    ffi (1.9.10)
    rubyserial (0.2.4)
      ffi (~> 1.9.3)

PLATFORMS
  ruby

DEPENDENCIES
  colored
  rubyserial

BUNDLED WITH
   1.11.2
